GEM
  remote: http://rubygems.org/
  specs:
    addressable (2.2.6)
    faraday (0.7.6)
      addressable (~> 2.2)
      multipart-post (~> 1.1)
      rack (~> 1.1)
    json (1.6.5)
    mime-types (1.17.2)
    multi_json (1.0.4)
    multipart-post (1.1.4)
    oauth2 (0.5.2)
      faraday (~> 0.7)
      multi_json (~> 1.0)
    rack (1.4.1)
    rack-client (0.4.0)
      rack (>= 1.0.0)
    rack-protection (1.2.0)
      rack
    rest-client (1.6.7)
      mime-types (>= 1.16)
    sinatra (1.3.2)
      rack (~> 1.3, >= 1.3.6)
      rack-protection (~> 1.2)
      tilt (~> 1.3, >= 1.3.3)
    sinatra_auth_github (0.3.1)
      rest-client (~> 1.6.1)
      sinatra (~> 1.0)
      warden-github (~> 0.3.0)
      yajl-ruby (~> 1.1)
    tilt (1.3.3)
    warden (1.1.0)
      rack (>= 1.0)
    warden-github (0.3.1)
      json (~> 1.5)
      oauth2 (~> 0.5.2)
      warden (~> 1.0)
    yajl-ruby (1.1.0)

PLATFORMS
  ruby

DEPENDENCIES
  json
  rack-client
  sinatra
  sinatra_auth_github
